RESTRICTION: == net45
NUGET
  remote: https://api.nuget.org/v3/index.json
    FlaUI.Core (1.3)
    FlaUI.UIA3 (1.3.1)
      FlaUI.Core (>= 1.3)
    Gu.Analyzers (1.1.0-dev)
    NUnit (3.9)
    StyleCop.Analyzers (1.0.2)
    WpfAnalyzers (0.3.3)
